GEM
  remote: http://rubygems.org/
  specs:
    actionmailer (2.3.9)
      actionpack (= 2.3.9)
    actionpack (2.3.9)
      activesupport (= 2.3.9)
      rack (~> 1.1.0)
    activerecord (2.3.9)
      activesupport (= 2.3.9)
    activeresource (2.3.9)
      activesupport (= 2.3.9)
    activesupport (2.3.9)
    authlogic (2.1.2)
      activesupport
    capistrano (2.8.0)
      highline
      net-scp (>= 1.0.0)
      net-sftp (>= 2.0.0)
      net-ssh (>= 2.0.14)
      net-ssh-gateway (>= 1.1.0)
    formtastic (0.9.1)
    highline (1.6.2)
    inherited_resources (0.9.2)
    less (2.0.6)
      therubyracer (~> 0.9.2)
    libv8 (3.3.10.2)
    mini_magick (3.3)
      subexec (~> 0.1.0)
    mysql2 (0.3.7)
    net-scp (1.0.4)
      net-ssh (>= 1.99.1)
    net-sftp (2.0.5)
      net-ssh (>= 2.0.9)
    net-ssh (2.2.1)
    net-ssh-gateway (1.1.0)
      net-ssh (>= 1.99.1)
    newrelic_rpm (2.9.4)
    rack (1.1.2)
    rails (2.3.9)
      actionmailer (= 2.3.9)
      actionpack (= 2.3.9)
      activerecord (= 2.3.9)
      activeresource (= 2.3.9)
      activesupport (= 2.3.9)
      rake (>= 0.8.3)
    rake (0.9.2)
    sqlite3 (1.3.4)
    subexec (0.1.0)
    therubyracer (0.9.4)
      libv8 (~> 3.3.10)
    translator (1.0.0)
    will_paginate (3.0.0)

PLATFORMS
  ruby

DEPENDENCIES
  authlogic (= 2.1.2)
  capistrano
  formtastic (= 0.9.1)
  inherited_resources (= 0.9.2)
  less
  mini_magick
  mysql2
  newrelic_rpm (= 2.9.4)
  rails (= 2.3.9)
  sqlite3
  translator
  will_paginate
